PATH
  remote: .
  specs:
    whisperer (0.1.0)
      base64
      openssl
      singleton
      uri

GEM
  remote: https://rubygems.org/
  specs:
    base64 (0.1.1)
    diff-lcs (1.5.0)
    openssl (3.0.0)
    rake (12.3.3)
    rspec (3.11.0)
      rspec-core (~> 3.11.0)
      rspec-expectations (~> 3.11.0)
      rspec-mocks (~> 3.11.0)
    rspec-core (3.11.0)
      rspec-support (~> 3.11.0)
    rspec-expectations (3.11.0)
      diff-lcs (>= 1.2.0, < 2.0)
      rspec-support (~> 3.11.0)
    rspec-mocks (3.11.1)
      diff-lcs (>= 1.2.0, < 2.0)
      rspec-support (~> 3.11.0)
    rspec-support (3.11.0)
    singleton (0.1.0)
    uri (0.11.0)

PLATFORMS
  ruby

DEPENDENCIES
  rake (~> 12.0)
  rspec (~> 3.0)
  whisperer!

BUNDLED WITH
   2.1.4
